GEM
  remote: https://rubygems.org/
  specs:
    actioncable (5.0.0.beta3)
      actionpack (= 5.0.0.beta3)
      nio4r (~> 1.2)
      websocket-driver (~> 0.6.1)
    actionmailer (5.0.0.beta3)
      actionpack (= 5.0.0.beta3)
      actionview (= 5.0.0.beta3)
      activejob (= 5.0.0.beta3)
      mail (~> 2.5, >= 2.5.4)
      rails-dom-testing (~> 1.0, >= 1.0.5)
    actionpack (5.0.0.beta3)
      actionview (= 5.0.0.beta3)
      activesupport (= 5.0.0.beta3)
      rack (~> 2.x)
      rack-test (~> 0.6.3)
      rails-dom-testing (~> 1.0, >= 1.0.5)
      rails-html-sanitizer (~> 1.0, >= 1.0.2)
    actionview (5.0.0.beta3)
      activesupport (= 5.0.0.beta3)
      builder (~> 3.1)
      erubis (~> 2.7.0)
      rails-dom-testing (~> 1.0, >= 1.0.5)
      rails-html-sanitizer (~> 1.0, >= 1.0.2)
    activejob (5.0.0.beta3)
      activesupport (= 5.0.0.beta3)
      globalid (>= 0.3.6)
    activemodel (5.0.0.beta3)
      activesupport (= 5.0.0.beta3)
    activerecord (5.0.0.beta3)
      activemodel (= 5.0.0.beta3)
      activesupport (= 5.0.0.beta3)
      arel (~> 7.0)
    activesupport (5.0.0.beta3)
      concurrent-ruby (~> 1.0)
      i18n (~> 0.7)
      minitest (~> 5.1)
      tzinfo (~> 1.1)
    arel (7.0.0)
    ast (2.2.0)
    autoprefixer-rails (6.3.6)
      execjs
    bcrypt (3.1.10)
    bootstrap-sass (3.3.6)
      autoprefixer-rails (>= 5.2.1)
      sass (>= 3.3.4)
    builder (3.2.2)
    byebug (8.2.2)
    choice (0.2.0)
    coffee-rails (4.1.1)
      coffee-script (>= 2.2.0)
      railties (>= 4.0.0, < 5.1.x)
    coffee-script (2.4.1)
      coffee-script-source
      execjs
    coffee-script-source (1.10.0)
    concurrent-ruby (1.0.1)
    debug_inspector (0.0.2)
    diff-lcs (1.2.5)
    dotenv (2.1.0)
    dotenv-rails (2.1.0)
      dotenv (= 2.1.0)
      railties (>= 4.0, < 5.1)
    erubis (2.7.0)
    execjs (2.6.0)
    factory_girl (4.5.0)
      activesupport (>= 3.0.0)
    factory_girl_rails (4.6.0)
      factory_girl (~> 4.5.0)
      railties (>= 3.0.0)
    faker (1.6.3)
      i18n (~> 0.5)
    ffi (1.9.10)
    globalid (0.3.6)
      activesupport (>= 4.1.0)
    i18n (0.7.0)
    jbuilder (2.4.1)
      activesupport (>= 3.0.0, < 5.1)
      multi_json (~> 1.2)
    jquery-rails (4.1.0)
      rails-dom-testing (~> 1.0)
      railties (>= 4.2.0)
      thor (>= 0.14, < 2.0)
    json (1.8.3)
    listen (3.0.6)
      rb-fsevent (>= 0.9.3)
      rb-inotify (>= 0.9.7)
    loofah (2.0.3)
      nokogiri (>= 1.5.9)
    mail (2.6.3)
      mime-types (>= 1.16, < 3)
    method_source (0.8.2)
    mime-types (2.99.1)
    mini_portile2 (2.0.0)
    minitest (5.8.4)
    multi_json (1.11.2)
    nio4r (1.2.1)
    nokogiri (1.6.7.2)
      mini_portile2 (~> 2.0.0.rc2)
    parser (2.3.0.7)
      ast (~> 2.2)
    powerpack (0.1.1)
    puma (3.0.2)
    rack (2.0.0.alpha)
      json
    rack-test (0.6.3)
      rack (>= 1.0)
    rails (5.0.0.beta3)
      actioncable (= 5.0.0.beta3)
      actionmailer (= 5.0.0.beta3)
      actionpack (= 5.0.0.beta3)
      actionview (= 5.0.0.beta3)
      activejob (= 5.0.0.beta3)
      activemodel (= 5.0.0.beta3)
      activerecord (= 5.0.0.beta3)
      activesupport (= 5.0.0.beta3)
      bundler (>= 1.3.0, < 2.0)
      railties (= 5.0.0.beta3)
      sprockets-rails (>= 2.0.0)
    rails-deprecated_sanitizer (1.0.3)
      activesupport (>= 4.2.0.alpha)
    rails-dom-testing (1.0.7)
      activesupport (>= 4.2.0.beta, < 5.0)
      nokogiri (~> 1.6.0)
      rails-deprecated_sanitizer (>= 1.0.1)
    rails-erd (1.4.6)
      activerecord (>= 3.2)
      activesupport (>= 3.2)
      choice (~> 0.2.0)
      ruby-graphviz (~> 1.2)
    rails-html-sanitizer (1.0.3)
      loofah (~> 2.0)
    railties (5.0.0.beta3)
      actionpack (= 5.0.0.beta3)
      activesupport (= 5.0.0.beta3)
      method_source
      rake (>= 0.8.7)
      thor (>= 0.18.1, < 2.0)
    rainbow (2.1.0)
    rake (10.5.0)
    rb-fsevent (0.9.7)
    rb-inotify (0.9.7)
      ffi (>= 0.5.0)
    rspec-core (3.1.7)
      rspec-support (~> 3.1.0)
    rspec-expectations (3.1.2)
      diff-lcs (>= 1.2.0, < 2.0)
      rspec-support (~> 3.1.0)
    rspec-mocks (3.1.3)
      rspec-support (~> 3.1.0)
    rspec-rails (3.1.0)
      actionpack (>= 3.0)
      activesupport (>= 3.0)
      railties (>= 3.0)
      rspec-core (~> 3.1.0)
      rspec-expectations (~> 3.1.0)
      rspec-mocks (~> 3.1.0)
      rspec-support (~> 3.1.0)
    rspec-support (3.1.2)
    rubocop (0.38.0)
      parser (>= 2.3.0.6, < 3.0)
      powerpack (~> 0.1)
      rainbow (>= 1.99.1, < 3.0)
      ruby-progressbar (~> 1.7)
      unicode-display_width (~> 1.0, >= 1.0.1)
    rubocop-checkstyle_formatter (0.2.0)
      rubocop (>= 0.20.1)
    rubocop-junit-formatter (0.1.3)
    rubocop-rspec (1.4.0)
    ruby-graphviz (1.2.2)
    ruby-progressbar (1.7.5)
    sass (3.4.21)
    sass-rails (5.0.4)
      railties (>= 4.0.0, < 5.0)
      sass (~> 3.1)
      sprockets (>= 2.8, < 4.0)
      sprockets-rails (>= 2.0, < 4.0)
      tilt (>= 1.1, < 3)
    spring (1.6.4)
    spring-watcher-listen (2.0.0)
      listen (>= 2.7, < 4.0)
      spring (~> 1.2)
    sprockets (3.5.2)
      concurrent-ruby (~> 1.0)
      rack (> 1, < 3)
    sprockets-rails (3.0.3)
      actionpack (>= 4.0)
      activesupport (>= 4.0)
      sprockets (>= 3.0.0)
    sqlite3 (1.3.11)
    thor (0.19.1)
    thread_safe (0.3.5)
    tilt (2.0.2)
    turbolinks (5.0.0.beta2)
      turbolinks-source
    turbolinks-source (5.0.0.beta2)
    tzinfo (1.2.2)
      thread_safe (~> 0.1)
    uglifier (2.7.2)
      execjs (>= 0.3.0)
      json (>= 1.8.0)
    unicode-display_width (1.0.2)
    web-console (3.1.1)
      activemodel (>= 4.2)
      debug_inspector
      railties (>= 4.2)
    websocket-driver (0.6.3)
      websocket-extensions (>= 0.1.0)
    websocket-extensions (0.1.2)

PLATFORMS
  ruby

DEPENDENCIES
  bcrypt (~> 3.1.7)
  bootstrap-sass (~> 3.3.6)
  byebug
  coffee-rails (~> 4.1.0)
  dotenv-rails
  factory_girl_rails
  faker
  jbuilder (~> 2.0)
  jquery-rails
  listen (~> 3.0.5)
  puma
  rails (>= 5.0.0.beta3, < 5.1)
  rails-erd
  rspec-rails
  rubocop
  rubocop-checkstyle_formatter
  rubocop-junit-formatter
  rubocop-rspec
  sass-rails (~> 5.0)
  spring
  spring-watcher-listen (~> 2.0.0)
  sqlite3
  turbolinks (~> 5.x)
  tzinfo-data
  uglifier (>= 1.3.0)
  web-console (~> 3.0)

BUNDLED WITH
   1.11.2
